PATH
  remote: .
  specs:
    grapethor (0.2.3)
      activesupport (>= 5.2, < 8.0)
      thor (~> 1.0.1)

GEM
  remote: https://rubygems.org/
  specs:
    activesupport (6.1.7.6)
      concurrent-ruby (~> 1.0, >= 1.0.2)
      i18n (>= 1.6, < 2)
      minitest (>= 5.1)
      tzinfo (~> 2.0)
      zeitwerk (~> 2.3)
    ansi (1.5.0)
    builder (3.2.4)
    concurrent-ruby (1.2.2)
    docile (1.3.2)
    i18n (1.14.1)
      concurrent-ruby (~> 1.0)
    minitest (5.14.0)
    minitest-reporters (1.4.2)
      ansi
      builder
      minitest (>= 5.0)
      ruby-progressbar
    rake (13.0.1)
    ruby-progressbar (1.10.1)
    simplecov (0.18.5)
      docile (~> 1.1)
      simplecov-html (~> 0.11)
    simplecov-html (0.12.2)
    thor (1.0.1)
    tzinfo (2.0.6)
      concurrent-ruby (~> 1.0)
    zeitwerk (2.6.11)

PLATFORMS
  ruby

DEPENDENCIES
  bundler (~> 2.0)
  grapethor!
  minitest (~> 5.11)
  minitest-reporters (~> 1.3)
  rake (~> 13.0)
  simplecov (~> 0.16)

BUNDLED WITH
   2.0.1
